GEM
  remote: https://rubygems.org/
  specs:
    commander (4.3.5)
      highline (~> 1.7.2)
    domain_name (0.5.25)
      unf (>= 0.0.5, < 1.0.0)
    dotenv (2.0.2)
    highline (1.7.8)
    http-cookie (1.0.2)
      domain_name (~> 0.5)
    mime-types (2.99)
    netrc (0.11.0)
    rest-client (1.8.0)
      http-cookie (>= 1.0.2, < 2.0)
      mime-types (>= 1.16, < 3.0)
      netrc (~> 0.7)
    rubyzip (1.3.0)
    unf (0.1.4)
      unf_ext
    unf_ext (0.0.7.1)

PLATFORMS
  ruby

DEPENDENCIES
  bundler
  commander
  dotenv
  rest-client
  rubyzip

BUNDLED WITH
   1.11.1
